PATH
  remote: .
  specs:
    rack (1.6.13)

GEM
  remote: https://rubygems.org/
  specs:
    bacon (1.2.0)
    daemons (1.0.10)
    eventmachine (1.2.7)
    fcgi (0.9.2.1)
    gem_plugin (0.2.3)
    memcache-client (1.8.5)
    mongrel (1.2.0.pre2)
      daemons (~> 1.0.10)
      gem_plugin (~> 0.2.3)
    rake (10.5.0)
    thin (1.7.2)
      daemons (~> 1.0, >= 1.0.9)
      eventmachine (~> 1.0, >= 1.0.4)
      rack (>= 1, < 3)

PLATFORMS
  ruby

DEPENDENCIES
  bacon
  fcgi
  memcache-client
  mongrel (>= 1.2.0.pre2)
  rack!
  rake (< 11.0)
  thin

BUNDLED WITH
   2.1.4
